GEM
  remote: https://rubygems.org/
  specs:
    encryptor (3.0.0)

PLATFORMS
  ruby

DEPENDENCIES
  encryptor (~> 3)

BUNDLED WITH
   1.17.3
