GEM
  remote: http://rubygems.org/
  specs:
    mustermann (1.0.3)
    newrelic_rpm (5.5.0.348)
    rack (2.2.3)
    rack-protection (2.0.4)
      rack
    sinatra (2.0.4)
      mustermann (~> 1.0)
      rack (~> 2.0)
      rack-protection (= 2.0.4)
      tilt (~> 2.0)
    tilt (2.0.9)

PLATFORMS
  ruby

DEPENDENCIES
  newrelic_rpm
  sinatra

BUNDLED WITH
   1.17.1
